GEM
  remote: http://rubygems.org/
  specs:
    aasm (2.1.5)
    actionmailer (2.3.5)
      actionpack (= 2.3.5)
    actionpack (2.3.5)
      activesupport (= 2.3.5)
      rack (~> 1.0.0)
    activerecord (2.3.5)
      activesupport (= 2.3.5)
    activeresource (2.3.5)
      activesupport (= 2.3.5)
    activesupport (2.3.5)
    calendar_date_select (1.16.3)
    capistrano (2.11.2)
      highline
      net-scp (>= 1.0.0)
      net-sftp (>= 2.0.0)
      net-ssh (>= 2.0.14)
      net-ssh-gateway (>= 1.1.0)
    default_value_for (1.0.7)
    devise (1.0.6)
      warden (~> 0.10.3)
    fastercsv (1.5.4)
    highline (1.6.11)
    mysql (2.8.1)
    net-scp (1.0.4)
      net-ssh (>= 1.99.1)
    net-sftp (2.0.5)
      net-ssh (>= 2.0.9)
    net-ssh (2.3.0)
    net-ssh-gateway (1.1.0)
      net-ssh (>= 1.99.1)
    paperclip (2.3.0)
    rack (1.0.1)
    rails (2.3.5)
      actionmailer (= 2.3.5)
      actionpack (= 2.3.5)
      activerecord (= 2.3.5)
      activeresource (= 2.3.5)
      activesupport (= 2.3.5)
      rake (>= 0.8.3)
    rake (0.8.7)
    rmagick (2.13.1)
    rufus-scheduler (2.0.10)
      tzinfo (>= 0.3.23)
    searchlogic (2.4.2)
      activerecord (>= 2.0.0)
    tzinfo (0.3.32)
    warden (0.10.7)
      rack (>= 1.0.0)
    will_paginate (2.3.15)

PLATFORMS
  ruby

DEPENDENCIES
  aasm (~> 2.1.1)
  calendar_date_select
  capistrano
  default_value_for (~> 1.0.7)
  devise (= 1.0.6)
  fastercsv (~> 1.5.3)
  mysql (= 2.8.1)
  paperclip (= 2.3.0)
  rails (= 2.3.5)
  rake (= 0.8.7)
  rmagick (~> 2.13.1)
  rufus-scheduler (= 2.0.10)
  searchlogic (= 2.4.2)
  warden (~> 0.10.3)
  will_paginate (= 2.3.15)
